GEM
  remote: https://gems.railslts.com/
  specs:
    actionmailer (3.2.22.48)
      actionpack (= 3.2.22.48)
      mail (~> 2.5.4)
    actionpack (3.2.22.48)
      activemodel (= 3.2.22.48)
      activesupport (= 3.2.22.48)
      builder (~> 3.0)
      erubis (~> 2.7.0)
      journey (~> 1.0.4)
      rack (~> 1.4.5)
      rack-cache (~> 1.2)
      rack-test (~> 0.6.1)
      sprockets (= 2.2.3)
    activemodel (3.2.22.48)
      activesupport (= 3.2.22.48)
      builder (~> 3.0)
    activerecord (3.2.22.48)
      activemodel (= 3.2.22.48)
      activesupport (= 3.2.22.48)
      arel (~> 3.0.2)
      tzinfo (~> 0.3.61)
    activeresource (3.2.22.48)
      activemodel (= 3.2.22.48)
      activesupport (= 3.2.22.48)
    activesupport (3.2.22.48)
      i18n (>= 0.6.4, < 2)
      multi_json (~> 1.0)
    rack (1.4.7.19)
    rails (3.2.22.48)
      actionmailer (= 3.2.22.48)
      actionpack (= 3.2.22.48)
      activemodel (= 3.2.22.48)
      activerecord (= 3.2.22.48)
      activeresource (= 3.2.22.48)
      activesupport (= 3.2.22.48)
      bundler (>= 1.0)
      railslts-version (= 3.2.22.48)
      railties (= 3.2.22.48)
    railslts-version (3.2.22.48)
    railties (3.2.22.48)
      actionpack (= 3.2.22.48)
      activesupport (= 3.2.22.48)
      rack-ssl (~> 1.3)
      rake (>= 0.8.7)
      thor (>= 0.14.6, < 2.0)

GEM
  remote: https://rubygems.org/
  specs:
    arel (3.0.3)
    builder (3.3.0)
    concurrent-ruby (1.3.5)
    erubis (2.7.0)
    hike (1.2.3)
    i18n (1.14.7)
      concurrent-ruby (~> 1.0)
    journey (1.0.4)
    mail (2.5.5)
      mime-types (~> 1.16)
      treetop (~> 1.4.8)
    mime-types (1.25.1)
    multi_json (1.15.0)
    pg (1.5.9)
    polyglot (0.3.5)
    rack-cache (1.17.0)
      rack (>= 0.4)
    rack-ssl (1.4.1)
      rack
    rack-test (0.6.3)
      rack (>= 1.0)
    rake (13.2.1)
    sprockets (2.2.3)
      hike (~> 1.2)
      multi_json (~> 1.0)
      rack (~> 1.0)
      tilt (~> 1.1, != 1.3.0)
    thor (1.3.2)
    tilt (1.4.1)
    treetop (1.4.15)
      polyglot
      polyglot (>= 0.3.1)
    tzinfo (0.3.62)

PLATFORMS
  ruby

DEPENDENCIES
  actionmailer!
  actionpack!
  activemodel!
  activerecord!
  activeresource!
  activesupport!
  pg
  rails (~> 3.2.22)!
  railslts-version!
  railties!

BUNDLED WITH
   2.6.3
